GEM
  remote: https://rubygems.org/
  specs:
    mysql2 (0.3.15)
    rack (1.4.5)
    rack-session-sequel (0.0.1)
      rack
      sequel
    rake (10.1.1)
    ruty (0.0.1)
    rvm (1.11.3.9)
    sequel (3.48.0)

PLATFORMS
  ruby

DEPENDENCIES
  mysql2 (~> 0.3)
  rack (~> 1.4.1)
  rack-session-sequel (~> 0.0.1)
  rake (~> 10.0)
  ruty (= 0.0.1)
  rvm (~> 1.11)
  sequel (~> 3.42)
