GEM
  remote: https://rubygems.org/
  specs:
    ffi (1.9.8)
    ffi-compiler (0.1.3)
      ffi (>= 1.0.0)
      rake
    haml (4.0.6)
      tilt
    mysql2 (0.3.18)
    power_assert (0.2.3)
    rack (1.6.1)
    rack-session-sequel (0.0.1)
      rack
      sequel
    rake (10.4.2)
    ruty (0.0.1)
    rvm (1.11.3.9)
    scrypt (1.2.1)
      ffi-compiler (>= 0.0.2)
      rake
    sequel (4.12.0)
    sqlite3 (1.3.10)
    template-inheritance (0.3.1)
      haml
      tilt
    test-unit (3.1.1)
      power_assert
    tilt (2.0.1)

PLATFORMS
  ruby

DEPENDENCIES
  haml (= 4.0.6)
  mysql2 (~> 0.3)
  rack (~> 1.6.0, >= 1.6.0)
  rack-session-sequel (~> 0.0.1)
  rake (~> 10.3, >= 10.3.0)
  ruty (= 0.0.1)
  rvm (~> 1.11)
  scrypt (~> 1.2, >= 1.2.1)
  sequel (= 4.12)
  sqlite3
  template-inheritance (= 0.3.1)
  test-unit

BUNDLED WITH
   1.10.3
