PATH
  remote: ../../
  specs:
    alfa (0.0.8.pre)
      haml (= 4.0.6)
      mysql2 (~> 0.3, >= 0.3.15)
      rack (~> 1.6.0, >= 1.6.0)
      rack-session-sequel (~> 0.0, >= 0.0.1)
      rake (~> 10.3, >= 10.3.1)
      ruty (= 0.0.1)
      rvm (~> 1.11, >= 1.11.3)
      scrypt (~> 1.2, >= 1.2.1)
      sequel (= 4.12)
      template-inheritance (= 0.3.1)

GEM
  remote: https://rubygems.org/
  specs:
    daemons (1.1.9)
    eventmachine (1.0.4)
    ffi (1.9.8)
    ffi-compiler (0.1.3)
      ffi (>= 1.0.0)
      rake
    haml (4.0.6)
      tilt
    mysql2 (0.3.18)
    rack (1.6.0)
    rack-session-sequel (0.0.1)
      rack
      sequel
    rake (10.4.2)
    redcarpet (3.2.2)
    ruty (0.0.1)
    rvm (1.11.3.9)
    scrypt (1.2.1)
      ffi-compiler (>= 0.0.2)
      rake
    sequel (4.12.0)
    template-inheritance (0.3.1)
      haml
      tilt
    thin (1.6.3)
      daemons (~> 1.0, >= 1.0.9)
      eventmachine (~> 1.0)
      rack (~> 1.0)
    tilt (2.0.1)

PLATFORMS
  ruby

DEPENDENCIES
  alfa!
  redcarpet
  thin

BUNDLED WITH
   1.10.3
