PATH
  remote: ../../
  specs:
    alfa (0.0.5.pre)
      haml (= 4.0.5)
      mysql2 (~> 0.3, >= 0.3.15)
      rack (~> 1.5, >= 1.5.2)
      rack-session-sequel (~> 0.0, >= 0.0.1)
      rake (~> 10.3, >= 10.3.0)
      ruty (= 0.0.1)
      rvm (~> 1.11, >= 1.11.3)
      sequel (~> 4.8, >= 4.8.0)
      template-inheritance (= 0.3.1)

GEM
  remote: https://rubygems.org/
  specs:
    daemons (1.1.9)
    eventmachine (1.0.3)
    haml (4.0.5)
      tilt
    mysql2 (0.3.15)
    rack (1.5.2)
    rack-session-sequel (0.0.1)
      rack
      sequel
    rake (10.3.0)
    redcarpet (3.1.1)
    ruty (0.0.1)
    rvm (1.11.3.9)
    sequel (4.8.0)
    template-inheritance (0.3.1)
      haml
      tilt
    thin (1.6.2)
      daemons (>= 1.0.9)
      eventmachine (>= 1.0.0)
      rack (>= 1.0.0)
    tilt (2.0.1)

PLATFORMS
  ruby

DEPENDENCIES
  alfa!
  redcarpet
  thin
